GEM
  remote: https://rubygems.org/
  specs:
    aws-sdk (2.6.14)
      aws-sdk-resources (= 2.6.14)
    aws-sdk-core (2.6.14)
      jmespath (~> 1.0)
    aws-sdk-resources (2.6.14)
      aws-sdk-core (= 2.6.14)
    jmespath (1.3.1)
    rack (1.6.4)
    rack-protection (1.5.3)
      rack
    sinatra (1.4.7)
      rack (~> 1.5)
      rack-protection (~> 1.4)
      tilt (>= 1.3, < 3)
    tilt (2.0.5)

PLATFORMS
  ruby

DEPENDENCIES
  aws-sdk
  sinatra

RUBY VERSION
   ruby 2.3.1p112

BUNDLED WITH
   1.13.6
